GIT
  remote: git://github.com/pry/pry.git
  revision: cafd3d6d5817aa2d290d609cbc1b00808c1ebd7e
  specs:
    pry (0.10.1)
      coderay (~> 1.1.0)
      method_source (~> 0.8.1)
      slop (~> 3.4)

PATH
  remote: /opt/code/concurrent-ruby
  specs:
    concurrent-ruby (0.7.0)
      ref (~> 1.0.5)

GEM
  remote: https://rubygems.org/
  specs:
    coderay (1.1.0)
    method_source (0.8.2)
    ref (1.0.5)
    slop (3.6.0)

PLATFORMS
  ruby

DEPENDENCIES
  concurrent-ruby!
  pry!
